GEM
  remote: https://rubygems.org/
  specs:
    activesupport (4.2.6)
      i18n (~> 0.7)
      json (~> 1.7, >= 1.7.7)
      minitest (~> 5.1)
      thread_safe (~> 0.3, >= 0.3.4)
      tzinfo (~> 1.1)
    ast (2.3.0)
    better_errors (2.1.1)
      coderay (>= 1.0.0)
      erubis (>= 2.6.6)
      rack (>= 0.9.0)
    chronic (0.10.2)
    codeclimate-test-reporter (0.5.2)
      simplecov (>= 0.7.1, < 1.0.0)
    coderay (1.1.1)
    docile (1.1.5)
    dotenv (2.1.1)
    erubis (2.7.0)
    foreman (0.82.0)
      thor (~> 0.19.1)
    i18n (0.7.0)
    json (1.8.3)
    metaclass (0.0.4)
    minitest (5.9.0)
    minitest-rg (5.2.0)
      minitest (~> 5.0)
    minitest-spec-context (0.0.3)
    mocha (1.1.0)
      metaclass (~> 0.0.1)
    multi_json (1.12.1)
    parser (2.3.1.2)
      ast (~> 2.2)
    powerpack (0.1.1)
    puma (3.4.0)
    rack (1.6.4)
    rack-protection (1.5.3)
      rack
    rack-test (0.6.3)
      rack (>= 1.0)
    rainbow (2.1.0)
    rake (10.4.2)
    rubocop (0.40.0)
      parser (>= 2.3.1.0, < 3.0)
      powerpack (~> 0.1)
      rainbow (>= 1.99.1, < 3.0)
      ruby-progressbar (~> 1.7)
      unicode-display_width (~> 1.0, >= 1.0.1)
    ruby-progressbar (1.8.1)
    simplecov (0.11.2)
      docile (~> 1.1.0)
      json (~> 1.8)
      simplecov-html (~> 0.10.0)
    simplecov-html (0.10.0)
    sinatra (1.4.7)
      rack (~> 1.5)
      rack-protection (~> 1.4)
      tilt (>= 1.3, < 3)
    thor (0.19.1)
    thread_safe (0.3.5)
    tilt (2.0.5)
    timecop (0.8.1)
    tzinfo (1.2.2)
      thread_safe (~> 0.1)
    unicode-display_width (1.1.0)

PLATFORMS
  ruby

DEPENDENCIES
  activesupport
  better_errors
  chronic
  codeclimate-test-reporter
  dotenv
  foreman
  minitest
  minitest-rg
  minitest-spec-context
  mocha (~> 1.1.0)
  multi_json
  puma
  rack-test
  rake
  rubocop
  sinatra
  timecop

RUBY VERSION
   ruby 2.3.1p112

BUNDLED WITH
   1.12.5
